GEM
  remote: http://rubygems.org/
  specs:
    activemodel (3.0.0)
      activesupport (= 3.0.0)
      builder (~> 2.1.2)
      i18n (~> 0.4.1)
    activesupport (3.0.0)
    bson (1.1)
    bson_ext (1.1)
    builder (2.1.2)
    i18n (0.4.1)
    json (1.4.6)
    mongo (1.0.9)
      bson (>= 1.0.5)
    mongoid (2.0.0.beta.19)
      activemodel (~> 3.0)
      mongo (= 1.0.9)
      tzinfo (~> 0.3.22)
      will_paginate (~> 3.0.pre)
    rack (1.2.1)
    rack-test (0.5.6)
      rack (>= 1.0)
    sinatra (1.0)
      rack (>= 1.0)
    timecop (0.3.5)
    tzinfo (0.3.23)
    will_paginate (3.0.pre2)

PLATFORMS
  ruby

DEPENDENCIES
  bson
  bson_ext
  json
  mongoid (= 2.0.0.beta.19)
  rack-test
  sinatra
  timecop (= 0.3.5)
